PATH
  remote: .
  specs:
    chargify (0.3.0)
      hashie (~> 1.2)
      httparty (~> 0.8)

GEM
  remote: http://rubygems.org/
  specs:
    fakeweb (1.3.0)
    hashie (1.2.0)
    httparty (0.8.1)
      multi_json
      multi_xml
    jnunemaker-matchy (0.4.0)
    mg (0.0.8)
      rake
    mocha (0.9.12)
    multi_json (1.0.4)
    multi_xml (0.4.1)
    rake (0.9.2.2)
    shoulda (2.11.3)
    test-unit (2.4.2)

PLATFORMS
  ruby

DEPENDENCIES
  chargify!
  fakeweb (>= 1.2.5)
  jnunemaker-matchy (= 0.4.0)
  mg (>= 0.0.8)
  mocha (~> 0.9.8)
  shoulda (>= 2.10.1)
  test-unit (>= 2.3.0)
